GIT
  remote: https://github.com/vivaserver/rack-mobile-detect.git
  revision: 351412d46a5e8f281b615df8e1ec05e1b82ce3dc
  specs:
    rack-mobile-detect (0.4.0)
      rack

GEM
  remote: https://rubygems.org/
  specs:
    rack (1.5.2)
    slim (2.0.2)
      temple (~> 0.6.6)
      tilt (>= 1.3.3, < 2.1)
    temple (0.6.7)
    tilt (2.0.1)

PLATFORMS
  ruby

DEPENDENCIES
  rack
  rack-mobile-detect!
  slim (~> 2.0)
