GIT
  remote: https://github.com/vivaserver/rack-mobile-detect.git
  revision: d115e529ea34a3c199cb761346d945dd2cf27c67
  specs:
    rack-mobile-detect (0.4.1)
      rack
      rack-mobile-detect

GEM
  remote: https://rubygems.org/
  specs:
    rack (1.5.2)
    rake (10.3.2)
    slim (2.0.2)
      temple (~> 0.6.6)
      tilt (>= 1.3.3, < 2.1)
    temple (0.6.7)
    tilt (2.0.1)

PLATFORMS
  ruby

DEPENDENCIES
  rack
  rack-mobile-detect!
  rake
  slim (~> 2.0)
